GEM
  remote: http://rubygems.org/
  specs:
    git (1.2.5)
    httpclient (2.1.5.2)
    jeweler (1.6.4)
      bundler (~> 1.0)
      git (>= 1.2.5)
      rake
    rake (0.9.2)
    rcov (0.9.9)
    rubyjedi-soap4r (1.5.8.20100619003610)
      httpclient (~> 2.1.5.2)
    shoulda (2.11.3)

PLATFORMS
  ruby

DEPENDENCIES
  bundler (~> 1.0.0)
  jeweler (~> 1.6.0)
  rcov
  rubyjedi-soap4r
  shoulda
